GEM
  remote: https://rubygems.org/
  specs:
    bigdecimal (3.1.9)
    google-protobuf (4.29.2-x64-mingw-ucrt)
      bigdecimal
      rake (>= 13)
    googleapis-common-protos-types (1.16.0)
      google-protobuf (>= 3.18, < 5.a)
    grpc (1.70.1-x64-mingw-ucrt)
      google-protobuf (>= 3.25, < 5.0)
      googleapis-common-protos-types (~> 1.0)
    grpc-tools (1.70.1)
    rake (13.2.1)

PLATFORMS
  x64-mingw-ucrt

DEPENDENCIES
  grpc
  grpc-tools

BUNDLED WITH
   2.6.2
